GEM
  remote: https://rubygems.org/
  specs:
    xqsr3 (0.39.3.1)

PLATFORMS
  x86_64-darwin-20
  x86_64-darwin-23

DEPENDENCIES
  xqsr3

BUNDLED WITH
   2.3.17
